GEM
  remote: http://rubygems.org/
  specs:
    bson (1.1.4)
    bson_ext (1.1.4)
    builder (2.1.2)
    commander (4.0.3)
      highline (>= 1.5.0)
    cucumber (0.9.4)
      builder (~> 2.1.2)
      diff-lcs (~> 1.1.2)
      gherkin (~> 2.2.9)
      json (~> 1.4.6)
      term-ansicolor (~> 1.0.5)
    diff-lcs (1.1.2)
    gherkin (2.2.9)
      json (~> 1.4.6)
      term-ansicolor (~> 1.0.5)
    highline (1.6.1)
    json (1.4.6)
    mongo (1.1.4)
      bson (>= 1.1.1)
    rake (0.8.7)
    rcov (0.9.9)
    rspec (2.1.0)
      rspec-core (~> 2.1.0)
      rspec-expectations (~> 2.1.0)
      rspec-mocks (~> 2.1.0)
    rspec-core (2.1.0)
    rspec-expectations (2.1.0)
      diff-lcs (~> 1.1.2)
    rspec-mocks (2.1.0)
    term-ansicolor (1.0.5)

PLATFORMS
  ruby

DEPENDENCIES
  bson_ext
  bundler (~> 1.0.0)
  commander (~> 4.0.3)
  cucumber
  mongo
  rake (~> 0.8.7)
  rcov
  rspec (~> 2.1.0)
